GEM
  remote: https://rubygems.org/
  specs:
    coderay (1.1.1)
    method_source (0.8.2)
    mini_portile2 (2.0.0)
    nokogiri (1.6.7.2-x64-mingw32)
      mini_portile2 (~> 2.0.0.rc2)
    pry (0.10.3)
      coderay (~> 1.1.0)
      method_source (~> 0.8.1)
      slop (~> 3.4)
    require_all (1.3.2)
    slop (3.6.0)

PLATFORMS
  x64-mingw32

DEPENDENCIES
  nokogiri
  pry
  require_all

BUNDLED WITH
   1.11.2
